GEM
  remote: https://rubygems.org/
  specs:
    ast (2.4.0)
    faraday (0.15.4)
      multipart-post (>= 1.2, < 3)
    htmlentities (4.3.4)
    jaro_winkler (1.5.2)
    multipart-post (2.0.0)
    parallel (1.12.1)
    parser (2.5.3.0)
      ast (~> 2.4.0)
    powerpack (0.1.2)
    rainbow (3.0.0)
    rubocop (0.62.0)
      jaro_winkler (~> 1.5.1)
      parallel (~> 1.10)
      parser (>= 2.5, != 2.5.1.1)
      powerpack (~> 0.1)
      rainbow (>= 2.2.2, < 4.0)
      ruby-progressbar (~> 1.7)
      unicode-display_width (~> 1.4.0)
    ruby-progressbar (1.10.0)
    thor (0.20.3)
    unicode-display_width (1.4.1)

PLATFORMS
  ruby

DEPENDENCIES
  faraday
  htmlentities
  rubocop
  thor

BUNDLED WITH
   1.17.3
